PATH
  remote: .
  specs:
    sql_anonymizer (2.0.0)
      faker
      pg

GEM
  remote: https://rubygems.org/
  specs:
    concurrent-ruby (1.1.10)
    faker (2.23.0)
      i18n (>= 1.8.11, < 2)
    i18n (1.12.0)
      concurrent-ruby (~> 1.0)
    pg (1.4.3)

PLATFORMS
  ruby

DEPENDENCIES
  sql_anonymizer!

BUNDLED WITH
   2.3.22
